GEM
  remote: http://ruby.taobao.org/
  specs:
    diff-lcs (1.1.3)
    json (1.7.6)
    patron (0.4.18)
    rack (1.5.1)
    rack-protection (1.3.2)
      rack
    rack-test (0.6.2)
      rack (>= 1.0)
    rspec (2.12.0)
      rspec-core (~> 2.12.0)
      rspec-expectations (~> 2.12.0)
      rspec-mocks (~> 2.12.0)
    rspec-core (2.12.2)
    rspec-expectations (2.12.1)
      diff-lcs (~> 1.1.3)
    rspec-mocks (2.12.2)
    rubytree (0.8.3)
      json (>= 1.7.5)
      structured_warnings (>= 0.1.3)
    sinatra (1.3.4)
      rack (~> 1.4)
      rack-protection (~> 1.3)
      tilt (~> 1.3, >= 1.3.3)
    sqlite3 (1.3.7)
    structured_warnings (0.1.3)
    tilt (1.3.3)

PLATFORMS
  ruby

DEPENDENCIES
  json
  patron
  rack
  rack-test
  rspec
  rubytree
  sinatra
  sqlite3
